PATH
  remote: .
  specs:
    xsv (0.2.3)
      nokogiri (~> 1.10)
      ox (~> 2.13)
      rubyzip (~> 2.2)

GEM
  remote: https://rubygems.org/
  specs:
    mini_portile2 (2.4.0)
    minitest (5.14.0)
    nokogiri (1.10.8)
      mini_portile2 (~> 2.4.0)
    ox (2.13.2)
    rake (10.5.0)
    rubyzip (2.2.0)

PLATFORMS
  ruby

DEPENDENCIES
  bundler (~> 1.17)
  minitest (~> 5.0)
  rake (~> 10.0)
  xsv!

BUNDLED WITH
   1.17.2
