PATH
  remote: .
  specs:
    xsv (0.1.0)
      nokogiri (~> 1.10.8)
      rubyzip (~> 2.2.0)

GEM
  remote: https://rubygems.org/
  specs:
    mini_portile2 (2.4.0)
    minitest (5.14.0)
    nokogiri (1.10.8)
      mini_portile2 (~> 2.4.0)
    rake (10.5.0)
    rubyzip (2.2.0)

PLATFORMS
  ruby

DEPENDENCIES
  bundler (~> 1.17)
  minitest (~> 5.0)
  rake (~> 10.0)
  xsv!

BUNDLED WITH
   1.17.2
